GEM
  remote: https://rubygems.org/
  specs:
    activesupport (4.0.2)
      i18n (~> 0.6, >= 0.6.4)
      minitest (~> 4.2)
      multi_json (~> 1.3)
      thread_safe (~> 0.1)
      tzinfo (~> 0.3.37)
    atomic (1.1.14)
    blankslate (2.1.2.4)
    celt-ruby (0.0.1)
      ffi
    dicebag (3.1.0)
      parslet (>= 1.4.0)
    ffi (1.9.3)
    i18n (0.6.9)
    minitest (4.7.5)
    multi_json (1.8.4)
    mumble-ruby (0.0.3)
      activesupport
      celt-ruby
      ruby_protobuf
    parslet (1.5.0)
      blankslate (~> 2.0)
    ruby_protobuf (0.4.11)
    thread_safe (0.1.3)
      atomic
    tzinfo (0.3.38)

PLATFORMS
  ruby

DEPENDENCIES
  dicebag
  mumble-ruby
